PATH
  remote: .
  specs:
    restet (0.0.1)
      multipart-post
      sinatra
      vegas
      yajl-ruby

GEM
  remote: http://rubygems.org/
  specs:
    leftright (0.9.1)
    multipart-post (1.1.4)
    rack (1.3.5)
    rack-protection (1.1.4)
      rack
    sinatra (1.3.1)
      rack (~> 1.3, >= 1.3.4)
      rack-protection (~> 1.1, >= 1.1.2)
      tilt (~> 1.3, >= 1.3.3)
    tilt (1.3.3)
    vegas (0.1.8)
      rack (>= 1.0.0)
    yajl-ruby (1.1.0)

PLATFORMS
  ruby

DEPENDENCIES
  leftright
  restet!
